PATH
  remote: .
  specs:
    CartoCMS (0.0.1.alpha)
      acts_as_list
      bootstrap-sass
      carrierwave
      chronic
      coffee-rails (~> 3.1.0)
      devise (~> 2.0.0)
      elastic_models
      enumerize (~> 0.0.4)
      haml-rails
      has_scope
      inherited_resources
      mercury-rails (~> 0.3.1)
      rails (~> 3.1.0)
      remote_history (~> 0.0.1)
      responders
      rmagick
      sass-rails (~> 3.1)
      show_for
      simple_ace_editor
      simple_form (~> 2.0.0.rc)
      will_paginate (~> 3.0)

PATH
  remote: ../bootstrap-sass
  specs:
    bootstrap-sass (2.0.0)

PATH
  remote: ../elastic_models
  specs:
    elastic_models (0.0.0.2)
      sortable_columns (~> 0.0.0.3)
      tire

PATH
  remote: ../simple_ace_editor
  specs:
    simple_ace_editor (0.0.1)
      rails (~> 3.1)
      simple_form (~> 2.0)

PATH
  remote: ../sortable_columns
  specs:
    sortable_columns (0.0.0.3)

GEM
  remote: http://rubygems.org/
  specs:
    actionmailer (3.1.3)
      actionpack (= 3.1.3)
      mail (~> 2.3.0)
    actionpack (3.1.3)
      activemodel (= 3.1.3)
      activesupport (= 3.1.3)
      builder (~> 3.0.0)
      erubis (~> 2.7.0)
      i18n (~> 0.6)
      rack (~> 1.3.5)
      rack-cache (~> 1.1)
      rack-mount (~> 0.8.2)
      rack-test (~> 0.6.1)
      sprockets (~> 2.0.3)
    activemodel (3.1.3)
      activesupport (= 3.1.3)
      builder (~> 3.0.0)
      i18n (~> 0.6)
    activerecord (3.1.3)
      activemodel (= 3.1.3)
      activesupport (= 3.1.3)
      arel (~> 2.2.1)
      tzinfo (~> 0.3.29)
    activeresource (3.1.3)
      activemodel (= 3.1.3)
      activesupport (= 3.1.3)
    activesupport (3.1.3)
      multi_json (~> 1.0)
    acts_as_list (0.1.5)
    arel (2.2.3)
    bcrypt-ruby (3.0.1)
    builder (3.0.0)
    capybara (1.1.2)
      mime-types (>= 1.16)
      nokogiri (>= 1.3.3)
      rack (>= 1.0.0)
      rack-test (>= 0.5.4)
      selenium-webdriver (~> 2.0)
      xpath (~> 0.1.4)
    carrierwave (0.5.8)
      activesupport (~> 3.0)
    childprocess (0.2.8)
      ffi (~> 1.0.6)
    chronic (0.6.7)
    cocaine (0.2.1)
    coffee-rails (3.1.1)
      coffee-script (>= 2.2.0)
      railties (~> 3.1.0)
    coffee-script (2.2.0)
      coffee-script-source
      execjs
    coffee-script-source (1.2.0)
    devise (2.0.4)
      bcrypt-ruby (~> 3.0)
      orm_adapter (~> 0.0.3)
      railties (~> 3.1)
      warden (~> 1.1.1)
    diff-lcs (1.1.3)
    enumerize (0.0.4)
      activesupport (>= 3.1.3)
    erubis (2.7.0)
    execjs (1.3.0)
      multi_json (~> 1.0)
    ffi (1.0.11)
    haml (3.1.4)
    haml-rails (0.3.4)
      actionpack (~> 3.0)
      activesupport (~> 3.0)
      haml (~> 3.0)
      railties (~> 3.0)
    has_scope (0.5.1)
    hike (1.2.1)
    i18n (0.6.0)
    inherited_resources (1.3.1)
      has_scope (~> 0.5.0)
      responders (~> 0.6)
    jquery-rails (1.0.19)
      railties (~> 3.0)
      thor (~> 0.14)
    json (1.6.5)
    mail (2.3.2)
      i18n (>= 0.4.0)
      mime-types (~> 1.16)
      treetop (~> 1.4.8)
    mercury-rails (0.3.1)
      coffee-script
      paperclip
      rails (>= 3.1.0)
    mime-types (1.17.2)
    multi_json (1.0.4)
    nokogiri (1.5.0)
    orm_adapter (0.0.7)
    paperclip (3.0.1)
      activemodel (>= 3.0.0)
      activerecord (>= 3.0.0)
      activesupport (>= 3.0.0)
      cocaine (>= 0.0.2)
      mime-types
    polyglot (0.3.3)
    rack (1.3.6)
    rack-cache (1.1)
      rack (>= 0.4)
    rack-mount (0.8.3)
      rack (>= 1.0.0)
    rack-ssl (1.3.2)
      rack
    rack-test (0.6.1)
      rack (>= 1.0)
    rails (3.1.3)
      actionmailer (= 3.1.3)
      actionpack (= 3.1.3)
      activerecord (= 3.1.3)
      activeresource (= 3.1.3)
      activesupport (= 3.1.3)
      bundler (~> 1.0)
      railties (= 3.1.3)
    railties (3.1.3)
      actionpack (= 3.1.3)
      activesupport (= 3.1.3)
      rack-ssl (~> 1.3.2)
      rake (>= 0.8.7)
      rdoc (~> 3.4)
      thor (~> 0.14.6)
    rake (0.9.2.2)
    rdoc (3.12)
      json (~> 1.4)
    remote_history (0.0.1)
      coffee-rails (~> 3.1.0)
      jquery-rails
      railties (>= 3.1.0)
    responders (0.9.1)
      railties (~> 3.1)
    rest-client (1.6.7)
      mime-types (>= 1.16)
    rmagick (2.13.1)
    rspec (2.8.0)
      rspec-core (~> 2.8.0)
      rspec-expectations (~> 2.8.0)
      rspec-mocks (~> 2.8.0)
    rspec-core (2.8.0)
    rspec-expectations (2.8.0)
      diff-lcs (~> 1.1.2)
    rspec-mocks (2.8.0)
    rspec-rails (2.8.1)
      actionpack (>= 3.0)
      activesupport (>= 3.0)
      railties (>= 3.0)
      rspec (~> 2.8.0)
    rubyzip (0.9.5)
    sass (3.1.15)
    sass-rails (3.1.6)
      actionpack (~> 3.1.0)
      railties (~> 3.1.0)
      sass (>= 3.1.10)
      tilt (~> 1.3.2)
    selenium-webdriver (2.16.0)
      childprocess (>= 0.2.5)
      ffi (~> 1.0.9)
      multi_json (~> 1.0.4)
      rubyzip
    show_for (0.2.4)
    simple_form (2.0.1)
      actionpack (~> 3.0)
      activemodel (~> 3.0)
    sprockets (2.0.3)
      hike (~> 1.2)
      rack (~> 1.0)
      tilt (~> 1.1, != 1.3.0)
    sqlite3 (1.3.5)
    thor (0.14.6)
    tilt (1.3.3)
    tire (0.3.12)
      activemodel (~> 3.0)
      multi_json (~> 1.0)
      rake
      rest-client (~> 1.6.0)
    treetop (1.4.10)
      polyglot
      polyglot (>= 0.3.1)
    tzinfo (0.3.32)
    warden (1.1.1)
      rack (>= 1.0)
    will_paginate (3.0.3)
    xpath (0.1.4)
      nokogiri (~> 1.3)

PLATFORMS
  ruby

DEPENDENCIES
  CartoCMS!
  bootstrap-sass!
  capybara (~> 1.1.2)
  elastic_models!
  jquery-rails
  rspec-rails (~> 2.8.1)
  simple_ace_editor!
  sortable_columns!
  sqlite3
