PATH
  remote: .
  specs:
    CartoCMS (0.0.1.alpha)
      active_attr
      acts_as_list
      acts_as_singleton
      asset_sync
      cancan
      carrierwave
      chronic
      client_side_validations (~> 3.2.0.beta.3)
      devise (>= 2.0.0)
      devise_invitable (~> 1.0.0)
      enumerize (~> 0.0.4)
      fog
      foreman
      friendly_id (~> 4.0.1)
      geocoder
      gibbon
      haml-rails
      has_scope
      heroku
      inherited_resources
      jquery-rails
      nokogiri
      omniauth (~> 1.0)
      rack-rewrite
      rails (>= 3.1.0)
      responders
      rmagick
      show_for
      simple_ace_input (~> 0.0.1.rc)
      simple_form (~> 2.0)
      thin
      timezone
      twitter
      will_paginate (~> 3.0)

GEM
  remote: http://rubygems.org/
  specs:
    actionmailer (3.1.3)
      actionpack (= 3.1.3)
      mail (~> 2.3.0)
    actionpack (3.1.3)
      activemodel (= 3.1.3)
      activesupport (= 3.1.3)
      builder (~> 3.0.0)
      erubis (~> 2.7.0)
      i18n (~> 0.6)
      rack (~> 1.3.5)
      rack-cache (~> 1.1)
      rack-mount (~> 0.8.2)
      rack-test (~> 0.6.1)
      sprockets (~> 2.0.3)
    active_attr (0.5.1)
      activemodel (>= 3.0.2, < 4.1)
      activesupport (>= 3.0.2, < 4.1)
    activemodel (3.1.3)
      activesupport (= 3.1.3)
      builder (~> 3.0.0)
      i18n (~> 0.6)
    activerecord (3.1.3)
      activemodel (= 3.1.3)
      activesupport (= 3.1.3)
      arel (~> 2.2.1)
      tzinfo (~> 0.3.29)
    activeresource (3.1.3)
      activemodel (= 3.1.3)
      activesupport (= 3.1.3)
    activesupport (3.1.3)
      multi_json (~> 1.0)
    acts_as_list (0.1.6)
    acts_as_singleton (0.0.8)
      activerecord (>= 3.1.0)
    addressable (2.2.8)
    arel (2.2.3)
    asset_sync (0.4.2)
      activemodel
      fog
    bcrypt-ruby (3.0.1)
    builder (3.0.0)
    cancan (1.6.7)
    carrierwave (0.5.8)
      activesupport (~> 3.0)
    chronic (0.6.7)
    client_side_validations (3.2.0.beta.3)
    daemons (1.1.8)
    devise (2.1.0)
      bcrypt-ruby (~> 3.0)
      orm_adapter (~> 0.0.7)
      railties (~> 3.1)
      warden (~> 1.1.1)
    devise_invitable (1.0.2)
      devise (>= 2.0.0)
      rails (~> 3.0)
    diff-lcs (1.1.3)
    enumerize (0.0.4)
      activesupport (>= 3.1.3)
    erubis (2.7.0)
    eventmachine (0.12.10)
    excon (0.13.4)
    faraday (0.8.1)
      multipart-post (~> 1.1)
    fog (1.3.1)
      builder
      excon (~> 0.13.0)
      formatador (~> 0.2.0)
      mime-types
      multi_json (~> 1.0)
      net-scp (~> 1.0.4)
      net-ssh (>= 2.1.3)
      nokogiri (~> 1.5.0)
      ruby-hmac
    foreman (0.47.0)
      thor (>= 0.13.6)
    formatador (0.2.3)
    friendly_id (4.0.7)
    geocoder (1.1.2)
    gibbon (0.3.5)
      httparty (> 0.6.0)
      httparty (> 0.6.0)
      json (> 1.4.0)
      json (> 1.4.0)
      rdoc
    haml (3.1.6)
    haml-rails (0.3.4)
      actionpack (~> 3.0)
      activesupport (~> 3.0)
      haml (~> 3.0)
      railties (~> 3.0)
    has_scope (0.5.1)
    hashie (1.2.0)
    heroku (2.26.3)
      heroku-api (~> 0.2.1)
      launchy (>= 0.3.2)
      netrc (~> 0.7.2)
      rest-client (~> 1.6.1)
      rubyzip
    heroku-api (0.2.1)
      excon (~> 0.13.3)
    hike (1.2.1)
    httparty (0.8.3)
      multi_json (~> 1.0)
      multi_xml
    i18n (0.6.0)
    inherited_resources (1.3.1)
      has_scope (~> 0.5.0)
      responders (~> 0.6)
    jquery-rails (1.0.19)
      railties (~> 3.0)
      thor (~> 0.14)
    json (1.6.5)
    launchy (2.1.0)
      addressable (~> 2.2.6)
    mail (2.3.3)
      i18n (>= 0.4.0)
      mime-types (~> 1.16)
      treetop (~> 1.4.8)
    mime-types (1.18)
    multi_json (1.0.4)
    multi_xml (0.5.1)
    multipart-post (1.1.5)
    net-scp (1.0.4)
      net-ssh (>= 1.99.1)
    net-ssh (2.5.2)
    netrc (0.7.4)
    nokogiri (1.5.4)
    omniauth (1.1.0)
      hashie (~> 1.2)
      rack
    orm_adapter (0.0.7)
    polyglot (0.3.3)
    rack (1.3.6)
    rack-cache (1.1)
      rack (>= 0.4)
    rack-mount (0.8.3)
      rack (>= 1.0.0)
    rack-rewrite (1.2.1)
    rack-ssl (1.3.2)
      rack
    rack-test (0.6.1)
      rack (>= 1.0)
    rails (3.1.3)
      actionmailer (= 3.1.3)
      actionpack (= 3.1.3)
      activerecord (= 3.1.3)
      activeresource (= 3.1.3)
      activesupport (= 3.1.3)
      bundler (~> 1.0)
      railties (= 3.1.3)
    railties (3.1.3)
      actionpack (= 3.1.3)
      activesupport (= 3.1.3)
      rack-ssl (~> 1.3.2)
      rake (>= 0.8.7)
      rdoc (~> 3.4)
      thor (~> 0.14.6)
    rake (0.9.2.2)
    rdoc (3.12)
      json (~> 1.4)
    responders (0.9.1)
      railties (~> 3.1)
    rest-client (1.6.7)
      mime-types (>= 1.16)
    rmagick (2.13.1)
    rspec (2.8.0)
      rspec-core (~> 2.8.0)
      rspec-expectations (~> 2.8.0)
      rspec-mocks (~> 2.8.0)
    rspec-core (2.8.0)
    rspec-expectations (2.8.0)
      diff-lcs (~> 1.1.2)
    rspec-mocks (2.8.0)
    rspec-rails (2.8.1)
      actionpack (>= 3.0)
      activesupport (>= 3.0)
      railties (>= 3.0)
      rspec (~> 2.8.0)
    ruby-hmac (0.4.0)
    rubyzip (0.9.8)
    show_for (0.2.5)
      actionpack (~> 3.0)
      activemodel (~> 3.0)
    simple_ace_input (0.0.1.rc)
      rails (~> 3.1)
      simple_form (~> 2.0)
    simple_form (2.0.2)
      actionpack (~> 3.0)
      activemodel (~> 3.0)
    simple_oauth (0.1.8)
    sprockets (2.0.3)
      hike (~> 1.2)
      rack (~> 1.0)
      tilt (~> 1.1, != 1.3.0)
    sqlite3 (1.3.5)
    thin (1.3.1)
      daemons (>= 1.0.9)
      eventmachine (>= 0.12.6)
      rack (>= 1.0.0)
    thor (0.14.6)
    tilt (1.3.3)
    timezone (0.1.5)
    treetop (1.4.10)
      polyglot
      polyglot (>= 0.3.1)
    twitter (2.2.0)
      activesupport (>= 2.3.9, < 4)
      faraday (~> 0.7)
      multi_json (~> 1.0)
      simple_oauth (~> 0.1)
    tzinfo (0.3.33)
    warden (1.1.1)
      rack (>= 1.0)
    will_paginate (3.0.3)

PLATFORMS
  ruby

DEPENDENCIES
  CartoCMS!
  rspec-rails (~> 2.8.1)
  sqlite3
